GEM
  remote: https://rubygems.org/
  specs:
    as-notifications (1.0.1)
    ast (2.3.0)
    diff-lcs (1.2.5)
    faraday (0.10.1)
      multipart-post (>= 1.2, < 3)
    fuzzyurl (0.2.2)
    hyperresource (0.9.4)
      faraday (>= 0.8.6)
      fuzzyurl (= 0.2.2)
      json
      uri_template (>= 0.5.2)
    i18n (0.7.0)
    json (2.0.2)
    multi_json (1.12.1)
    multipart-post (2.0.0)
    parser (2.3.3.1)
      ast (~> 2.2)
    powerpack (0.1.1)
    rainbow (2.2.1)
    rake (12.0.0)
    rspec (3.5.0)
      rspec-core (~> 3.5.0)
      rspec-expectations (~> 3.5.0)
      rspec-mocks (~> 3.5.0)
    rspec-core (3.5.4)
      rspec-support (~> 3.5.0)
    rspec-expectations (3.5.0)
      diff-lcs (>= 1.2.0, < 2.0)
      rspec-support (~> 3.5.0)
    rspec-json_expectations (2.1.0)
    rspec-mocks (3.5.0)
      diff-lcs (>= 1.2.0, < 2.0)
      rspec-support (~> 3.5.0)
    rspec-support (3.5.0)
    rubocop (0.46.0)
      parser (>= 2.3.1.1, < 3.0)
      powerpack (~> 0.1)
      rainbow (>= 1.99.1, < 3.0)
      ruby-progressbar (~> 1.7)
      unicode-display_width (~> 1.0, >= 1.0.1)
    ruby-progressbar (1.8.1)
    sqlite3 (1.3.13)
    unicode-display_width (1.1.2)
    uri_template (0.7.0)
    webmachine (1.4.0)
      as-notifications (~> 1.0)
      i18n (>= 0.4.0)
      multi_json
    webmachine-test (0.3.0)
      webmachine

PLATFORMS
  ruby

DEPENDENCIES
  hyperresource
  json
  rake
  rspec
  rspec-json_expectations
  rubocop
  sqlite3
  webmachine
  webmachine-test

BUNDLED WITH
   1.13.7
